PATH
  remote: .
  specs:
    oi-api-ruby (0.0.1)
      httparty (~> 0.13.3)

GEM
  remote: https://rubygems.org/
  specs:
    addressable (2.3.8)
    coderay (1.1.0)
    crack (0.4.2)
      safe_yaml (~> 1.0.0)
    httparty (0.13.3)
      json (~> 1.8)
      multi_xml (>= 0.5.2)
    json (1.8.2)
    method_source (0.8.2)
    minispec-metadata (2.0.0)
      minitest
    minitest (5.6.0)
    minitest-focus (1.1.1)
      minitest (>= 4, < 6)
    minitest-vcr (1.3.0)
      minispec-metadata (~> 2.0)
      minitest (>= 4.7.5)
      vcr (~> 2.9)
    multi_xml (0.5.5)
    pry (0.10.1)
      coderay (~> 1.1.0)
      method_source (~> 0.8.1)
      slop (~> 3.4)
    rake (10.4.2)
    safe_yaml (1.0.4)
    slop (3.6.0)
    vcr (2.9.3)
    webmock (1.21.0)
      addressable (>= 2.3.6)
      crack (>= 0.3.2)

PLATFORMS
  ruby

DEPENDENCIES
  bundler (~> 1.3)
  minitest-focus (~> 1.1.1)
  minitest-vcr (~> 1.3.0)
  oi-api-ruby!
  pry (~> 0.10.1)
  rake (~> 10.4.2)
  vcr (~> 2.9.3)
  webmock (~> 1.21.0)
