PATH
  remote: .
  specs:
    oi-api-ruby (0.0.1)

GEM
  remote: https://rubygems.org/
  specs:
    rake (10.4.2)

PLATFORMS
  ruby

DEPENDENCIES
  bundler (~> 1.3)
  oi-api-ruby!
  rake
